GEM
  remote: https://rubygems.org/
  specs:
    activesupport (5.1.4)
      concurrent-ruby (~> 1.0, >= 1.0.2)
      i18n (~> 0.7)
      minitest (~> 5.1)
      tzinfo (~> 1.1)
    addressable (2.8.1)
      public_suffix (>= 2.0.2, < 6.0)
    colorator (1.1.0)
    colorize (0.8.1)
    concurrent-ruby (1.0.5)
    diff-lcs (1.3)
    domain_name (0.5.20170404)
      unf (>= 0.0.5, < 1.0.0)
    ethon (0.10.1)
      ffi (>= 1.3.0)
    execjs (2.7.0)
    fastimage (1.8.1)
      addressable (~> 2.3, >= 2.3.5)
    ffi (1.15.5)
    forwardable-extended (2.6.0)
    html-proofer (3.7.4)
      activesupport (>= 4.2, < 6.0)
      addressable (~> 2.3)
      colorize (~> 0.8)
      mercenary (~> 0.3.2)
      nokogiri (~> 1.7)
      parallel (~> 1.3)
      typhoeus (~> 0.7)
      yell (~> 2.0)
    html5_validator (1.0.0)
      json
      rest-client
      rspec
      rspec-collection_matchers (~> 1.0.x)
    http-cookie (1.0.3)
      domain_name (~> 0.5)
    i18n (0.9.0)
      concurrent-ruby (~> 1.0)
    jekyll (3.6.3)
      addressable (~> 2.4)
      colorator (~> 1.0)
      jekyll-sass-converter (~> 1.0)
      jekyll-watch (~> 1.1)
      kramdown (~> 1.14)
      liquid (~> 4.0)
      mercenary (~> 0.3.3)
      pathutil (~> 0.9)
      rouge (>= 1.7, < 3)
      safe_yaml (~> 1.0)
    jekyll-assets (2.0.0)
      fastimage (~> 1.8)
      jekyll (~> 3.0)
      sprockets (~> 3.3)
      sprockets-helpers (~> 1.2)
    jekyll-sass-converter (1.5.2)
      sass (~> 3.4)
    jekyll-watch (1.5.1)
      listen (~> 3.0)
    json (2.1.0)
    kramdown (1.17.0)
    liquid (4.0.4)
    listen (3.8.0)
      rb-fsevent (~> 0.10, >= 0.10.3)
      rb-inotify (~> 0.9, >= 0.9.10)
    mercenary (0.3.6)
    mime-types (3.1)
      mime-types-data (~> 3.2015)
    mime-types-data (3.2016.0521)
    mini_portile2 (2.4.0)
    minitest (5.10.3)
    netrc (0.11.0)
    nokogiri (1.10.7)
      mini_portile2 (~> 2.4.0)
    parallel (1.12.0)
    pathutil (0.16.2)
      forwardable-extended (~> 2.6)
    posix-spawn (0.3.13)
    public_suffix (5.0.1)
    pygments.rb (1.0.0)
      posix-spawn (~> 0.3.6)
      yajl-ruby (~> 1.2)
    rack (2.2.6.3)
    rake (10.5.0)
    rb-fsevent (0.11.2)
    rb-inotify (0.10.1)
      ffi (~> 1.0)
    redcarpet (3.3.4)
    rest-client (2.0.2)
      http-cookie (>= 1.0.2, < 2.0)
      mime-types (>= 1.16, < 4.0)
      netrc (~> 0.8)
    rouge (2.2.1)
    rspec (3.7.0)
      rspec-core (~> 3.7.0)
      rspec-expectations (~> 3.7.0)
      rspec-mocks (~> 3.7.0)
    rspec-collection_matchers (1.1.3)
      rspec-expectations (>= 2.99.0.beta1)
    rspec-core (3.7.0)
      rspec-support (~> 3.7.0)
    rspec-expectations (3.7.0)
      diff-lcs (>= 1.2.0, < 2.0)
      rspec-support (~> 3.7.0)
    rspec-mocks (3.7.0)
      diff-lcs (>= 1.2.0, < 2.0)
      rspec-support (~> 3.7.0)
    rspec-support (3.7.0)
    safe_yaml (1.0.5)
    sass (3.7.4)
      sass-listen (~> 4.0.0)
    sass-listen (4.0.0)
      rb-fsevent (~> 0.9, >= 0.9.4)
      rb-inotify (~> 0.9, >= 0.9.7)
    sprockets (3.7.2)
      concurrent-ruby (~> 1.0)
      rack (> 1, < 3)
    sprockets-helpers (1.4.0)
      sprockets (>= 2.2)
    thread_safe (0.3.6)
    typhoeus (0.8.0)
      ethon (>= 0.8.0)
    tzinfo (1.2.3)
      thread_safe (~> 0.1)
    uglifier (2.7.2)
      execjs (>= 0.3.0)
      json (>= 1.8.0)
    unf (0.1.4)
      unf_ext
    unf_ext (0.0.7.4)
    yajl-ruby (1.3.1)
    yell (2.0.7)

PLATFORMS
  ruby

DEPENDENCIES
  html-proofer
  html5_validator
  jekyll (= 3.6.3)
  jekyll-assets (= 2.0.0)
  pygments.rb (= 1.0.0)
  rake (= 10.5.0)
  redcarpet (= 3.3.4)
  uglifier (= 2.7.2)

BUNDLED WITH
   1.17.3
